GEM
  remote: http://rubygems.org/
  specs:
    bson (1.6.4)
    bson_ext (1.6.4)
      bson (~> 1.6.4)
    coderay (0.9.8)
    diff-lcs (1.1.3)
    mongo (1.6.4)
      bson (~> 1.6.4)
    rack (1.4.1)
    rack-flash3 (1.0.1)
      rack
      rack
    rack-protection (1.2.0)
      rack
    rack-test (0.6.1)
      rack (>= 1.0)
    rspec (2.11.0)
      rspec-core (~> 2.11.0)
      rspec-expectations (~> 2.11.0)
      rspec-mocks (~> 2.11.0)
    rspec-core (2.11.1)
    rspec-expectations (2.11.3)
      diff-lcs (~> 1.1.3)
    rspec-mocks (2.11.2)
    shotgun (0.9)
      rack (>= 1.0)
    sinatra (1.3.3)
      rack (~> 1.3, >= 1.3.6)
      rack-protection (~> 1.2)
      tilt (~> 1.3, >= 1.3.3)
    sinatra-partial (0.3.2)
      sinatra
    tilt (1.3.3)

PLATFORMS
  ruby

DEPENDENCIES
  bson_ext
  coderay
  mongo
  rack-flash3
  rack-test
  rspec
  shotgun
  sinatra
  sinatra-partial
